GIT
  remote: git://github.com/jvaill/sprockets.git
  revision: 6327a13e77609991509c8cf3d3c1e571f6a4b23d
  branch: master
  specs:
    sprockets (2.9.2)
      hike (~> 1.2)
      multi_json (~> 1.0)
      rack (~> 1.0)
      tilt (~> 1.1, != 1.3.0)

GIT
  remote: git://github.com/jvatic/lodash-assets.git
  revision: 34bfb392e2407053d6cf28f76c884c6e77df34e8
  branch: master
  specs:
    lodash-assets (0.0.1)
      execjs (>= 1.2.9)
      sprockets (>= 2.0.3)
      tilt (>= 1.3.3)
      yajl-ruby

GIT
  remote: git://github.com/jvatic/marbles-js.git
  revision: a4199cceeea655562119c71475373956f0579269
  branch: master
  specs:
    marbles-js (0.0.3)

GIT
  remote: git://github.com/tent/hawk-ruby.git
  revision: 7f3cc881dd26aa4d02b3a6d9b72ff6b57e1d6019
  branch: master
  specs:
    hawk-auth (0.2.0)

GIT
  remote: git://github.com/tent/icing.git
  revision: 456c1c8879564a3a56c0ad04987f1c2480b3e950
  branch: master
  specs:
    icing (0.0.1)
      compass (~> 0.12.2)
      sass
      sprockets (~> 2.0)
      sprockets-helpers (~> 0.2)
      sprockets-sass (~> 0.5)

GIT
  remote: git://github.com/tent/marbles-tent-client-js.git
  revision: a97912d25b2f8ae66000514943a9dca6f383120f
  branch: master
  specs:
    marbles-tent-client-js (0.0.1)

GIT
  remote: git://github.com/tent/omniauth-tent.git
  revision: 44055df0a940ac53d978ee1803f6134117a2f32e
  branch: 0.3
  specs:
    omniauth-tent (0.2.0)
      omniauth (~> 1.1.1)
      tent-client

GIT
  remote: git://github.com/tent/rack-putty.git
  revision: f5769196226018fc87a9f8dcf1eeddc05c45bd6f
  branch: master
  specs:
    rack-putty (0.0.1)
      rack-mount (~> 0.8.3)

GIT
  remote: git://github.com/tent/sequel-json.git
  revision: 5899348946cbf0bf338c1358c85294c4e8adb6ee
  branch: master
  specs:
    sequel-json (0.0.1)
      sequel
      yajl-ruby

GIT
  remote: git://github.com/tent/tent-client-ruby.git
  revision: 5bf3ecf17f6a839b60e0daa15d262a9cff974dd7
  branch: 0.3
  specs:
    tent-client (0.2.0)
      faraday (= 0.8.4)
      faraday_middleware (= 0.8.8)
      faraday_middleware-multi_json
      hawk-auth
      nokogiri
      yajl-ruby

GIT
  remote: git://github.com/titanous/asset_sync.git
  revision: 64f86044921b7029cf3be673a1920aa7fdfe8604
  branch: fix-mime
  specs:
    asset_sync (0.5.0)
      activemodel
      fog

PATH
  remote: .
  specs:
    tent-status (0.2.0)
      coffee-script
      icing
      lodash-assets
      marbles-js
      marbles-tent-client-js
      mimetype-fu
      omniauth-tent
      pg
      rack-putty
      sequel (= 3.46)
      sequel-json
      sprockets (~> 2.0)
      sprockets-sass (~> 0.5)
      tent-client

GEM
  remote: https://rubygems.org/
  specs:
    POpen4 (0.1.4)
      Platform (>= 0.4.0)
      open4
    Platform (0.4.0)
    activemodel (3.2.13)
      activesupport (= 3.2.13)
      builder (~> 3.0.0)
    activesupport (3.2.13)
      i18n (= 0.6.1)
      multi_json (~> 1.0)
    builder (3.0.4)
    chunky_png (1.2.8)
    coffee-script (2.2.0)
      coffee-script-source
      execjs
    coffee-script-source (1.6.2)
    compass (0.12.2)
      chunky_png (~> 1.2)
      fssm (>= 0.2.7)
      sass (~> 3.1)
    excon (0.6.6)
    execjs (1.4.0)
      multi_json (~> 1.0)
    faraday (0.8.4)
      multipart-post (~> 1.1)
    faraday_middleware (0.8.8)
      faraday (>= 0.7.4, < 0.9)
    faraday_middleware-multi_json (0.0.5)
      faraday_middleware
      multi_json
    fog (0.9.0)
      builder
      excon (~> 0.6.1)
      formatador (>= 0.1.3)
      json
      mime-types
      net-scp (>= 1.0.4)
      net-ssh (>= 2.1.4)
      nokogiri (>= 1.4.4)
      ruby-hmac
    formatador (0.2.4)
    fssm (0.2.10)
    hashie (2.0.5)
    hike (1.2.3)
    i18n (0.6.1)
    json (1.8.0)
    mime-types (1.23)
    mimetype-fu (0.1.2)
    mini_portile (0.5.0)
    multi_json (1.7.7)
    multipart-post (1.2.0)
    net-scp (1.1.1)
      net-ssh (>= 2.6.5)
    net-ssh (2.6.7)
    nokogiri (1.6.0)
      mini_portile (~> 0.5.0)
    omniauth (1.1.4)
      hashie (>= 1.2, < 3)
      rack
    open4 (1.3.0)
    pg (0.15.1)
    puma (2.0.1)
      rack (>= 1.1, < 2.0)
    rack (1.5.2)
    rack-mount (0.8.3)
      rack (>= 1.0.0)
    rake (10.0.4)
    ruby-hmac (0.4.0)
    sass (3.2.9)
    sequel (3.46.0)
    sprockets-helpers (0.9.1)
      sprockets (~> 2.0)
    sprockets-sass (0.9.1)
      sprockets (~> 2.0)
      tilt (~> 1.1)
    tilt (1.4.1)
    uglifier (2.1.1)
      execjs (>= 0.3.0)
      multi_json (~> 1.0, >= 1.0.2)
    yajl-ruby (1.1.0)
    yui-compressor (0.9.6)
      POpen4 (>= 0.1.4)

PLATFORMS
  ruby

DEPENDENCIES
  asset_sync!
  hawk-auth!
  icing!
  lodash-assets!
  marbles-js!
  marbles-tent-client-js!
  mime-types
  omniauth-tent!
  puma
  rack-putty!
  rake
  sequel-json!
  sprockets!
  tent-client!
  tent-status!
  uglifier
  yui-compressor
