GIT
  remote: git://github.com/jvatic/lodash-assets.git
  revision: 2fd617d6b767ba18b456a07f1c794c634e514155
  branch: master
  specs:
    lodash-assets (0.0.1)
      execjs (>= 1.2.9)
      sprockets (>= 2.0.3)
      tilt (>= 1.3.3)
      yajl-ruby

GIT
  remote: git://github.com/jvatic/marbles-js.git
  revision: 315f06e8eae91a7b4ae7db5a19fa95f759022125
  branch: master
  specs:
    marbles-js (0.0.2)

GIT
  remote: git://github.com/tent/hawk-ruby.git
  revision: e94e538e0f503e94ff10ca02f904a28b9875ac51
  branch: master
  specs:
    hawk-auth (0.0.0)

GIT
  remote: git://github.com/tent/icing.git
  revision: 456c1c8879564a3a56c0ad04987f1c2480b3e950
  branch: master
  specs:
    icing (0.0.1)
      compass (~> 0.12.2)
      sass
      sprockets (~> 2.0)
      sprockets-helpers (~> 0.2)
      sprockets-sass (~> 0.5)

GIT
  remote: git://github.com/tent/omniauth-tent.git
  revision: 8db01a232c0b1544fd4ba1538a455efa427273f4
  branch: 0.3
  specs:
    omniauth-tent (0.2.0)
      omniauth (~> 1.1.1)
      tent-client

GIT
  remote: git://github.com/tent/rack-putty.git
  revision: a2a1b0d50118d656d6298c8c4713981665b9d6bc
  branch: master
  specs:
    rack-putty (0.0.1)
      rack-mount (~> 0.8.3)

GIT
  remote: git://github.com/tent/sequel-json.git
  revision: 5899348946cbf0bf338c1358c85294c4e8adb6ee
  branch: master
  specs:
    sequel-json (0.0.1)
      sequel
      yajl-ruby

GIT
  remote: git://github.com/tent/tent-client-ruby.git
  revision: 77c030b3e113b4ad804c54ad26d832b682ea68c5
  branch: 0.3
  specs:
    tent-client (0.2.0)
      faraday (= 0.8.4)
      faraday_middleware (= 0.8.8)
      faraday_middleware-multi_json
      hawk-auth
      nokogiri
      yajl-ruby

GIT
  remote: git://github.com/titanous/asset_sync.git
  revision: 64f86044921b7029cf3be673a1920aa7fdfe8604
  branch: fix-mime
  specs:
    asset_sync (0.5.0)
      activemodel
      fog

PATH
  remote: .
  specs:
    tent-status (0.2.0)
      coffee-script
      hogan_assets
      icing
      lodash-assets
      marbles-js
      mimetype-fu
      omniauth-tent
      pg
      rack-putty
      sequel (= 3.46)
      sequel-json
      sprockets (~> 2.0)
      sprockets-sass (~> 0.5)
      tent-client

GEM
  remote: https://rubygems.org/
  specs:
    POpen4 (0.1.4)
      Platform (>= 0.4.0)
      open4
    Platform (0.4.0)
    activemodel (3.2.8)
      activesupport (= 3.2.8)
      builder (~> 3.0.0)
    activesupport (3.2.8)
      i18n (~> 0.6)
      multi_json (~> 1.0)
    builder (3.0.3)
    chunky_png (1.2.8)
    coffee-script (2.2.0)
      coffee-script-source
      execjs
    coffee-script-source (1.6.2)
    compass (0.12.2)
      chunky_png (~> 1.2)
      fssm (>= 0.2.7)
      sass (~> 3.1)
    excon (0.16.2)
    execjs (1.4.0)
      multi_json (~> 1.0)
    faraday (0.8.4)
      multipart-post (~> 1.1)
    faraday_middleware (0.8.8)
      faraday (>= 0.7.4, < 0.9)
    faraday_middleware-multi_json (0.0.5)
      faraday_middleware
      multi_json
    fog (1.6.0)
      builder
      excon (~> 0.14)
      formatador (~> 0.2.0)
      mime-types
      multi_json (~> 1.0)
      net-scp (~> 1.0.4)
      net-ssh (>= 2.1.3)
      nokogiri (~> 1.5.0)
      ruby-hmac
    formatador (0.2.3)
    fssm (0.2.10)
    hashie (2.0.4)
    hike (1.2.2)
    hogan_assets (1.6.0)
      execjs (>= 1.2.9)
      sprockets (>= 2.0.3)
      tilt (>= 1.3.3)
    i18n (0.6.1)
    mime-types (1.19)
    mimetype-fu (0.1.2)
    multi_json (1.6.1)
    multipart-post (1.2.0)
    net-scp (1.0.4)
      net-ssh (>= 1.99.1)
    net-ssh (2.5.2)
    nokogiri (1.5.5)
    omniauth (1.1.4)
      hashie (>= 1.2, < 3)
      rack
    open4 (1.3.0)
    pg (0.15.1)
    puma (1.6.3)
      rack (~> 1.2)
    rack (1.5.2)
    rack-mount (0.8.3)
      rack (>= 1.0.0)
    rake (10.0.3)
    ruby-hmac (0.4.0)
    sass (3.2.8)
    sequel (3.46.0)
    sprockets (2.9.3)
      hike (~> 1.2)
      multi_json (~> 1.0)
      rack (~> 1.0)
      tilt (~> 1.1, != 1.3.0)
    sprockets-helpers (0.9.1)
      sprockets (~> 2.0)
    sprockets-sass (0.9.1)
      sprockets (~> 2.0)
      tilt (~> 1.1)
    tilt (1.4.0)
    uglifier (1.3.0)
      execjs (>= 0.3.0)
      multi_json (~> 1.0, >= 1.0.2)
    yajl-ruby (1.1.0)
    yui-compressor (0.9.6)
      POpen4 (>= 0.1.4)

PLATFORMS
  ruby

DEPENDENCIES
  asset_sync!
  hawk-auth!
  icing!
  lodash-assets!
  marbles-js!
  mime-types
  omniauth-tent!
  puma
  rack-putty!
  rake
  sequel-json!
  tent-client!
  tent-status!
  uglifier
  yui-compressor
